PATH
  remote: ../aws-sdk-ruby
  specs:
    aws-sdk (2.2.7)
      aws-sdk-resources (= 2.2.7)
    aws-sdk-core (2.2.7)
      jmespath (~> 1.0)
    aws-sdk-resources (2.2.7)
      aws-sdk-core (= 2.2.7)

GEM
  remote: https://rubygems.org/
  specs:
    jmespath (1.1.3)
    rubyzip (1.1.7)

PLATFORMS
  ruby

DEPENDENCIES
  aws-sdk!
  rubyzip

BUNDLED WITH
   1.10.6
